PATH
  remote: .
  specs:
    ecoji (0.1.0)

GEM
  remote: https://rubygems.org/
  specs:
    minitest (5.17.0)
    rake (13.0.6)

PLATFORMS
  arm64-darwin-22

DEPENDENCIES
  bundler (~> 2.4)
  ecoji!
  minitest (~> 5.17)
  rake (~> 13.0)

BUNDLED WITH
   2.4.1
